PATH
  remote: .
  specs:
    crowder_news (0.1.7)
      nokogiri

GEM
  remote: https://rubygems.org/
  specs:
    coderay (1.1.2)
    method_source (0.9.0)
    mini_portile2 (2.3.0)
    nokogiri (1.8.3)
      mini_portile2 (~> 2.3.0)
    pry (0.11.3)
      coderay (~> 1.1.0)
      method_source (~> 0.9.0)
    rake (10.5.0)
    tty-cursor (0.5.0)
    tty-spinner (0.8.0)
      tty-cursor (>= 0.5.0)

PLATFORMS
  ruby

DEPENDENCIES
  bundler (~> 1.16)
  crowder_news!
  pry
  rake (~> 10.0)
  tty-spinner

BUNDLED WITH
   1.16.2
